GEM
  remote: https://rubygems.org/
  specs:
    bcrypt (3.1.13-java)
    nio4r (2.4.0-java)
    puma (4.1.0-java)
      nio4r (~> 2.0)
    rack (2.0.7)
    rack-protection (2.0.5)
      rack
    rack_csrf (2.6.0)
      rack (>= 1.1.0)
    roda (3.23.0)
      rack
    sequel (5.23.0)
    tilt (2.0.9)

PLATFORMS
  java

DEPENDENCIES
  bcrypt
  puma
  rack
  rack-protection
  rack_csrf
  roda
  sequel
  tilt

BUNDLED WITH
   2.0.2
